GEM
  remote: https://rubygems.org/
  specs:
    builder (3.2.3)
    httparty (0.13.7)
      json (~> 1.8)
      multi_xml (>= 0.5.2)
    json (1.8.6)
    mini_portile2 (2.2.0)
    multi_xml (0.6.0)
    nokogiri (1.8.0-x86-mingw32)
      mini_portile2 (~> 2.2.0)
    sitemap_generator (5.3.1)
      builder (~> 3.0)

PLATFORMS
  x86-mingw32

DEPENDENCIES
  httparty (~> 0.13.7)
  nokogiri (~> 1.8)
  sitemap_generator (~> 5.3, >= 5.3.1)

BUNDLED WITH
   1.13.7
